GEM
  remote: https://rubygems.org/
  specs:
    bigdecimal (3.1.9)
    csv (3.3.2)
    moji (1.6)
    nkf (0.2.0)
    oj (3.16.9)
      bigdecimal (>= 3.0)
      ostruct (>= 0.2)
    ostruct (0.6.1)
    rake (13.2.1)
    romaji (0.2.4)
      rake (>= 0.8.0)
    ruby-progressbar (1.13.0)
    rubyzip (2.4.1)
    thor (1.4.0)

PLATFORMS
  ruby

DEPENDENCIES
  csv
  moji
  nkf
  oj
  romaji
  ruby-progressbar
  rubyzip
  thor

BUNDLED WITH
   2.6.2
